GEM
  remote: https://rubygems.org/
  specs:
    curses (1.0.1)
    excon (0.39.5)
    inifile (3.0.0)
    rake (10.3.2)
    term-ansicolor (1.3.0)
      tins (~> 1.0)
    tins (1.3.0)

PLATFORMS
  ruby

DEPENDENCIES
  curses
  excon
  inifile
  rake
  term-ansicolor
